GEM
  remote: https://rubygems.org/
  specs:
    arr-pm (0.0.10)
      cabin (> 0)
    backports (3.6.5)
    cabin (0.7.1)
    childprocess (0.5.6)
      ffi (~> 1.0, >= 1.0.11)
    clamp (0.6.5)
    ffi (1.9.10)
    fpm (1.3.3)
      arr-pm (~> 0.0.9)
      backports (>= 2.6.2)
      cabin (>= 0.6.0)
      childprocess
      clamp (~> 0.6)
      ffi
      json (>= 1.7.7)
    hiera (3.0.1)
      json_pure
    json (1.8.3)
    json_pure (1.8.2)
    librarian-puppet-simple (0.0.5)
      thor (~> 0.15)
    thor (0.19.1)

PLATFORMS
  ruby

DEPENDENCIES
  fpm
  hiera
  librarian-puppet-simple
